GIT
  remote: git://github.com/plataformatec/responders.git
  revision: 3f9ae667bb20a10de985169fa26d4c099d05de9a
  specs:
    responders (2.1.0)
      railties (>= 4.2.0, < 5)

GIT
  remote: git://github.com/rromanchuk/bitcoin-client.git
  revision: edd708c30c71850662c1b2ed10d1cb5e0997c4aa
  specs:
    bitcoin-client (0.0.3)
      rest-client

GIT
  remote: git://github.com/seuros/capistrano-puma.git
  revision: e17f3b767ea46b4f79fb0ae01445edded17a66a4
  specs:
    capistrano3-puma (1.2.2)
      capistrano (~> 3.0)
      puma (>= 2.6)

GIT
  remote: https://github.com/stripe/stripe-ruby
  revision: 492b24894d3dd3f7714da076f075f8554d98edc2
  specs:
    stripe (1.31.0)
      json (~> 1.8.1)
      rest-client (~> 1.4)

GEM
  remote: https://rubygems.org/
  specs:
    actionmailer (4.2.2)
      actionpack (= 4.2.2)
      actionview (= 4.2.2)
      activejob (= 4.2.2)
      mail (~> 2.5, >= 2.5.4)
      rails-dom-testing (~> 1.0, >= 1.0.5)
    actionpack (4.2.2)
      actionview (= 4.2.2)
      activesupport (= 4.2.2)
      rack (~> 1.6)
      rack-test (~> 0.6.2)
      rails-dom-testing (~> 1.0, >= 1.0.5)
      rails-html-sanitizer (~> 1.0, >= 1.0.1)
    actionview (4.2.2)
      activesupport (= 4.2.2)
      builder (~> 3.1)
      erubis (~> 2.7.0)
      rails-dom-testing (~> 1.0, >= 1.0.5)
      rails-html-sanitizer (~> 1.0, >= 1.0.1)
    activejob (4.2.2)
      activesupport (= 4.2.2)
      globalid (>= 0.3.0)
    activemodel (4.2.2)
      activesupport (= 4.2.2)
      builder (~> 3.1)
    activerecord (4.2.2)
      activemodel (= 4.2.2)
      activesupport (= 4.2.2)
      arel (~> 6.0)
    activesupport (4.2.2)
      i18n (~> 0.7)
      json (~> 1.7, >= 1.7.7)
      minitest (~> 5.1)
      thread_safe (~> 0.3, >= 0.3.4)
      tzinfo (~> 1.1)
    addressable (2.3.8)
    arel (6.0.3)
    autoprefixer-rails (6.0.3)
      execjs
      json
    aws-sdk (2.1.34)
      aws-sdk-resources (= 2.1.34)
    aws-sdk-core (2.1.34)
      jmespath (~> 1.0)
    aws-sdk-resources (2.1.34)
      aws-sdk-core (= 2.1.34)
    aws-ses (0.6.0)
      builder
      mail (> 2.2.5)
      mime-types
      xml-simple
    binding_of_caller (0.7.2)
      debug_inspector (>= 0.0.1)
    blockchain (1.0.2)
    bootstrap-sass (3.3.5.1)
      autoprefixer-rails (>= 5.0.0.1)
      sass (>= 3.3.0)
    buftok (0.2.0)
    builder (3.2.2)
    byebug (6.0.2)
    capistrano (3.4.0)
      i18n
      rake (>= 10.0.0)
      sshkit (~> 1.3)
    capistrano-bundler (1.1.4)
      capistrano (~> 3.1)
      sshkit (~> 1.2)
    capistrano-rails (1.1.5)
      capistrano (~> 3.1)
      capistrano-bundler (~> 1.1)
    capistrano-rbenv (2.0.3)
      capistrano (~> 3.1)
      sshkit (~> 1.3)
    coffee-rails (4.1.0)
      coffee-script (>= 2.2.0)
      railties (>= 4.0.0, < 5.0)
    coffee-script (2.4.1)
      coffee-script-source
      execjs
    coffee-script-source (1.9.1.1)
    colorize (0.7.7)
    cookiejar (0.3.2)
    css_parser (1.3.7)
      addressable
    daemons (1.2.3)
    debug_inspector (0.0.2)
    diff-lcs (1.2.5)
    domain_name (0.5.25)
      unf (>= 0.0.5, < 1.0.0)
    dotenv (2.0.2)
    em-hiredis (0.3.0)
      eventmachine (~> 1.0)
      hiredis (~> 0.5.0)
    em-http-request (1.1.2)
      addressable (>= 2.3.4)
      cookiejar
      em-socksify (>= 0.3)
      eventmachine (>= 1.0.3)
      http_parser.rb (>= 0.6.0)
    em-socksify (0.3.1)
      eventmachine (>= 1.0.0.beta.4)
    em-twitter (0.3.5)
      buftok (~> 0.2)
      eventmachine (~> 1.0)
      http_parser.rb (~> 0.6)
      simple_oauth (~> 0.2)
    equalizer (0.0.10)
    erubis (2.7.0)
    eventmachine (1.0.8)
    execjs (2.6.0)
    faraday (0.9.2)
      multipart-post (>= 1.2, < 3)
    foreman (0.78.0)
      thor (~> 0.19.1)
    globalid (0.3.6)
      activesupport (>= 4.1.0)
    hashie (3.4.3)
    hiredis (0.5.2)
    htmlentities (4.3.4)
    http (0.9.8)
      addressable (~> 2.3)
      http-cookie (~> 1.0)
      http-form_data (~> 1.0.1)
      http_parser.rb (~> 0.6.0)
    http-cookie (1.0.2)
      domain_name (~> 0.5)
    http-form_data (1.0.1)
    http_parser.rb (0.6.0)
    i18n (0.7.0)
    jbuilder (2.3.2)
      activesupport (>= 3.0.0, < 5)
      multi_json (~> 1.2)
    jmespath (1.1.3)
    jquery-rails (4.0.5)
      rails-dom-testing (~> 1.0)
      railties (>= 4.2.0)
      thor (>= 0.14, < 2.0)
    json (1.8.3)
    jwt (1.5.2)
    launchy (2.4.3)
      addressable (~> 2.3)
    letter_opener (1.4.1)
      launchy (~> 2.2)
    letter_opener_web (1.3.0)
      actionmailer (>= 3.2)
      letter_opener (~> 1.0)
      railties (>= 3.2)
    lograge (0.3.4)
      actionpack (>= 3)
      activesupport (>= 3)
      railties (>= 3)
    loofah (2.0.3)
      nokogiri (>= 1.5.9)
    mail (2.6.3)
      mime-types (>= 1.16, < 3)
    memoizable (0.4.2)
      thread_safe (~> 0.3, >= 0.3.1)
    mime-types (2.6.2)
    mini_portile (0.6.2)
    minitest (5.8.2)
    monetize (1.3.1)
      money (~> 6.6)
    money (6.6.1)
      i18n (>= 0.6.4, <= 0.7.0)
    multi_json (1.11.2)
    multipart-post (2.0.0)
    naught (1.1.0)
    net-scp (1.2.1)
      net-ssh (>= 2.6.5)
    net-ssh (3.0.1)
    netrc (0.11.0)
    newrelic_rpm (3.14.0.305)
    nokogiri (1.6.6.2)
      mini_portile (~> 0.6.0)
    oauth (0.4.7)
    omniauth (1.2.2)
      hashie (>= 1.2, < 4)
      rack (~> 1.0)
    omniauth-oauth (1.1.0)
      oauth
      omniauth (~> 1.0)
    omniauth-twitter (1.2.1)
      json (~> 1.3)
      omniauth-oauth (~> 1.1)
    phony (2.15.7)
    premailer (1.8.6)
      css_parser (>= 1.3.6)
      htmlentities (>= 4.0.0)
    premailer-rails (1.8.2)
      actionmailer (>= 3, < 5)
      premailer (~> 1.7, >= 1.7.9)
    puma (2.14.0)
    rack (1.6.4)
    rack-cors (0.4.0)
    rack-test (0.6.3)
      rack (>= 1.0)
    rails (4.2.2)
      actionmailer (= 4.2.2)
      actionpack (= 4.2.2)
      actionview (= 4.2.2)
      activejob (= 4.2.2)
      activemodel (= 4.2.2)
      activerecord (= 4.2.2)
      activesupport (= 4.2.2)
      bundler (>= 1.3.0, < 2.0)
      railties (= 4.2.2)
      sprockets-rails
    rails-deprecated_sanitizer (1.0.3)
      activesupport (>= 4.2.0.alpha)
    rails-dom-testing (1.0.7)
      activesupport (>= 4.2.0.beta, < 5.0)
      nokogiri (~> 1.6.0)
      rails-deprecated_sanitizer (>= 1.0.1)
    rails-html-sanitizer (1.0.2)
      loofah (~> 2.0)
    railties (4.2.2)
      actionpack (= 4.2.2)
      activesupport (= 4.2.2)
      rake (>= 0.8.7)
      thor (>= 0.18.1, < 2.0)
    rake (10.4.2)
    rdoc (4.2.0)
    redis (3.2.1)
    remote_syslog_logger (1.0.3)
      syslog_protocol
    rest-client (1.8.0)
      http-cookie (>= 1.0.2, < 2.0)
      mime-types (>= 1.16, < 3.0)
      netrc (~> 0.7)
    rollbar (2.5.2)
      multi_json
    rspec-core (3.3.2)
      rspec-support (~> 3.3.0)
    rspec-expectations (3.3.1)
      diff-lcs (>= 1.2.0, < 2.0)
      rspec-support (~> 3.3.0)
    rspec-mocks (3.3.2)
      diff-lcs (>= 1.2.0, < 2.0)
      rspec-support (~> 3.3.0)
    rspec-rails (3.3.3)
      actionpack (>= 3.0, < 4.3)
      activesupport (>= 3.0, < 4.3)
      railties (>= 3.0, < 4.3)
      rspec-core (~> 3.3.0)
      rspec-expectations (~> 3.3.0)
      rspec-mocks (~> 3.3.0)
      rspec-support (~> 3.3.0)
    rspec-support (3.3.0)
    sass (3.4.19)
    sass-rails (5.0.4)
      railties (>= 4.0.0, < 5.0)
      sass (~> 3.1)
      sprockets (>= 2.8, < 4.0)
      sprockets-rails (>= 2.0, < 4.0)
      tilt (>= 1.1, < 3)
    satoshi-unit (0.1.8)
    sdoc (0.4.1)
      json (~> 1.7, >= 1.7.7)
      rdoc (~> 4.0)
    simple_oauth (0.3.1)
    slim (3.0.6)
      temple (~> 0.7.3)
      tilt (>= 1.3.3, < 2.1)
    slim-rails (3.0.1)
      actionmailer (>= 3.1, < 5.0)
      actionpack (>= 3.1, < 5.0)
      activesupport (>= 3.1, < 5.0)
      railties (>= 3.1, < 5.0)
      slim (~> 3.0)
    sprockets (3.4.0)
      rack (> 1, < 3)
    sprockets-rails (2.3.3)
      actionpack (>= 3.0)
      activesupport (>= 3.0)
      sprockets (>= 2.8, < 4.0)
    sshkit (1.7.1)
      colorize (>= 0.7.0)
      net-scp (>= 1.1.2)
      net-ssh (>= 2.8.0)
    syslog_protocol (0.9.2)
    temple (0.7.6)
    thor (0.19.1)
    thread_safe (0.3.5)
    tilt (2.0.1)
    turbolinks (2.5.3)
      coffee-rails
    tweetstream (2.6.1)
      daemons (~> 1.1)
      em-http-request (>= 1.1.1)
      em-twitter (~> 0.3)
      multi_json (~> 1.3)
      twitter (~> 5.5)
    twilio-ruby (4.6.0)
      builder (>= 2.1.2)
      jwt (~> 1.0)
      multi_json (>= 1.3.0)
    twitter (5.15.0)
      addressable (~> 2.3)
      buftok (~> 0.2.0)
      equalizer (= 0.0.10)
      faraday (~> 0.9.0)
      http (>= 0.4, < 0.10)
      http_parser.rb (~> 0.6.0)
      json (~> 1.8)
      memoizable (~> 0.4.0)
      naught (~> 1.0)
      simple_oauth (~> 0.3.0)
    tzinfo (1.2.2)
      thread_safe (~> 0.1)
    uglifier (2.7.2)
      execjs (>= 0.3.0)
      json (>= 1.8.0)
    unf (0.1.4)
      unf_ext
    unf_ext (0.0.7.1)
    web-console (2.2.1)
      activemodel (>= 4.0)
      binding_of_caller (>= 0.7.2)
      railties (>= 4.0)
      sprockets-rails (>= 2.0, < 4.0)
    xml-simple (1.1.5)

PLATFORMS
  ruby

DEPENDENCIES
  aws-sdk
  aws-ses
  bitcoin-client!
  blockchain
  bootstrap-sass (>= 3.3.3)
  byebug
  capistrano-rails
  capistrano-rbenv
  capistrano3-puma!
  coffee-rails (>= 4.1.0)
  dotenv
  em-hiredis
  eventmachine
  foreman
  jbuilder (>= 2.0)
  jquery-rails
  letter_opener_web
  lograge
  monetize
  money
  newrelic_rpm
  omniauth-twitter
  phony
  premailer-rails
  puma
  rack-cors
  rails (= 4.2.2)
  redis
  remote_syslog_logger
  responders!
  rollbar
  rspec-rails (~> 3.0)
  sass-rails (>= 5.0)
  satoshi-unit
  sdoc (~> 0.4.0)
  slim-rails
  stripe!
  turbolinks
  tweetstream
  twilio-ruby
  twitter
  uglifier (>= 1.3.0)
  web-console (~> 2.0)

BUNDLED WITH
   1.10.6
